GEM
  remote: https://rubygems.org/
  specs:
    graph (2.5.0)
    haml (3.1.4)
    rack (1.4.1)
    rack-protection (1.2.0)
      rack
    sinatra (1.3.2)
      rack (~> 1.3, >= 1.3.6)
      rack-protection (~> 1.2)
      tilt (~> 1.3, >= 1.3.3)
    tilt (1.3.3)

PLATFORMS
  ruby

DEPENDENCIES
  graph (= 2.5.0)
  haml (= 3.1.4)
  sinatra (= 1.3.2)
